GEM
  remote: https://rubygems.org/
  specs:
    benchmark-ips (2.0.0)
    chartkick (1.3.2)
    hoe (3.12.0)
      rake (>= 0.8, < 11.0)
    minitest (5.3.4)
    rake (10.3.2)

PLATFORMS
  ruby

DEPENDENCIES
  benchmark-ips (~> 2.0)
  chartkick (~> 1.2)
  hoe
  minitest
