GEM
  remote: https://rubygems.org/
  specs:
    benchmark-ips (1.2.0)
    hoe (3.12.0)
      rake (>= 0.8, < 11.0)
    minitest (5.3.4)
    rake (10.3.2)

PLATFORMS
  ruby

DEPENDENCIES
  benchmark-ips
  hoe
  minitest
